PATH
  remote: .
  specs:
    sg-scraper (0.1.0)

GEM
  remote: https://rubygems.org/
  specs:
    addressable (2.5.2)
      public_suffix (>= 2.0.2, < 4.0)
    childprocess (0.9.0)
      ffi (~> 1.0, >= 1.0.11)
    coderay (1.1.2)
    diff-lcs (1.3)
    dpl (1.9.8)
    dpl-pages (1.9.8)
      dpl (= 1.9.8)
      octokit (~> 4.6.2)
    faraday (0.15.2)
      multipart-post (>= 1.2, < 3)
    ffi (1.10.0)
    httparty (0.16.2)
      multi_xml (>= 0.5.2)
    method_source (0.9.2)
    multi_xml (0.6.0)
    multipart-post (2.0.0)
    octokit (4.6.2)
      sawyer (~> 0.8.0, >= 0.5.3)
    pry (0.11.3)
      coderay (~> 1.1.0)
      method_source (~> 0.9.0)
    public_suffix (3.0.2)
    rake (10.5.0)
    redis (4.1.0)
    rspec (3.8.0)
      rspec-core (~> 3.8.0)
      rspec-expectations (~> 3.8.0)
      rspec-mocks (~> 3.8.0)
    rspec-core (3.8.2)
      rspec-support (~> 3.8.0)
    rspec-expectations (3.8.4)
      diff-lcs (>= 1.2.0, < 2.0)
      rspec-support (~> 3.8.0)
    rspec-mocks (3.8.1)
      diff-lcs (>= 1.2.0, < 2.0)
      rspec-support (~> 3.8.0)
    rspec-support (3.8.2)
    rubyzip (1.2.2)
    sawyer (0.8.1)
      addressable (>= 2.3.5, < 2.6)
      faraday (~> 0.8, < 1.0)
    selenium-webdriver (3.141.0)
      childprocess (~> 0.5)
      rubyzip (~> 1.2, >= 1.2.2)

PLATFORMS
  ruby

DEPENDENCIES
  bundler (~> 1.17)
  dpl (~> 1.9)
  dpl-pages (~> 1.9)
  httparty (~> 0.16.2)
  pry (~> 0.11.3)
  rake (~> 10.0)
  redis (~> 4.1)
  rspec (~> 3.0)
  selenium-webdriver (~> 3.14)
  sg-scraper!

BUNDLED WITH
   1.17.2
